GEM
  remote: https://rubygems.org/
  specs:
    excon (0.58.0)
    hashie (3.5.6)
    mustermann (1.0.0)
    puma (3.9.1)
    rack (2.2.3)
    rack-protection (2.0.0)
      rack
    sinatra (2.0.0)
      mustermann (~> 1.0)
      rack (~> 2.0)
      rack-protection (= 2.0.0)
      tilt (~> 2.0)
    tilt (2.0.8)

PLATFORMS
  ruby

DEPENDENCIES
  excon
  hashie
  puma
  sinatra

RUBY VERSION
   ruby 2.4.1p111

BUNDLED WITH
   1.15.1
